GEM
  remote: https://rubygems.org/
  specs:
    coderay (1.0.9)
    curb (0.8.3)
    json (1.7.7)
    method_source (0.8.1)
    pry (0.9.12)
      coderay (~> 1.0.5)
      method_source (~> 0.8)
      slop (~> 3.4)
    rack (1.5.2)
    shotgun (0.9)
      rack (>= 1.0)
    slop (3.4.4)
    speech2text (0.3.6)
      curb
      json

PLATFORMS
  ruby

DEPENDENCIES
  pry
  shotgun
  speech2text
