GEM
  remote: https://rubygems.org/
  specs:
    curb (0.8.3)
    json (1.7.7)
    speech2text (0.3.6)
      curb
      json

PLATFORMS
  ruby

DEPENDENCIES
  speech2text
